GEM
  remote: https://rubygems.org/
  specs:
    actioncable (7.0.4)
      actionpack (= 7.0.4)
      activesupport (= 7.0.4)
      nio4r (~> 2.0)
      websocket-driver (>= 0.6.1)
    actionmailer (7.0.4)
      actionpack (= 7.0.4)
      actionview (= 7.0.4)
      activejob (= 7.0.4)
      activesupport (= 7.0.4)
      mail (~> 2.8)
    actionpack (7.0.4)
      actionview (= 7.0.4)
      activesupport (= 7.0.4)
      rack (~> 2.2)
      rack-test (>= 0.6.3)
    activerecord (7.0.4)
      activesupport (= 7.0.4)
      activemodel (= 7.0.4)
    activesupport (7.0.4)
      concurrent-ruby (~> 1.0, >= 1.0.2)
      i18n (>= 1.6, < 2)
      tzinfo (~> 2.0)
    bundler (2.3.26)
    concurrent-ruby (1.1.10)
    i18n (1.12.0)
      concurrent-ruby (~> 1.0)
    line-bot-api (1.26.0)
      httpclient (>= 2.8.0)
    nokogiri (1.18.8)
      racc (~> 1.4)
    pg (1.5.9)
    rails (7.0.4)
      actioncable (= 7.0.4)
      actionmailer (= 7.0.4)
      actionpack (= 7.0.4)
      activerecord (= 7.0.4)
      activesupport (= 7.0.4)
      bundler (>= 1.15.0)
      railties (= 7.0.4)
    railties (7.0.4)
      actionpack (= 7.0.4)
      activesupport (= 7.0.4)
      thor (~> 1.0)
    thor (1.2.1)
    tzinfo (2.0.5)
      concurrent-ruby (~> 1.0)

PLATFORMS
  x86_64-linux
  arm64-darwin-23

RUBY VERSION
   ruby 3.3.1p0

DEPENDENCIES
  line-bot-api
  nokogiri
  pg
  rails (~> 7.0)

BUNDLED WITH
   2.3.26
